GEM
  remote: https://rubygems.org/
  specs:
    mini_portile2 (2.1.0)
    mustermann (1.0.3)
    nokogiri (1.6.8.1)
      mini_portile2 (~> 2.1.0)
    rack (2.0.7)
    rack-protection (2.0.7)
      rack
    sinatra (2.0.7)
      mustermann (~> 1.0)
      rack (~> 2.0)
      rack-protection (= 2.0.7)
      tilt (~> 2.0)
    tilt (2.0.9)

PLATFORMS
  ruby

DEPENDENCIES
  nokogiri (~> 1.6.1)
  sinatra

BUNDLED WITH
   2.0.2
